GEM
  remote: https://rubygems.org/
  specs:
    addressable (2.8.1)
      public_suffix (>= 2.0.2, < 6.0)
    adsf (1.4.6)
      rack (>= 1.0.0, < 3.0.0)
    adsf-live (1.4.6)
      adsf (~> 1.3)
      em-websocket (~> 0.5)
      eventmachine (~> 1.2)
      listen (~> 3.0)
      rack-livereload (~> 0.3)
    colored (1.2)
    concurrent-ruby (1.1.10)
    cri (2.15.11)
    ddmetrics (1.0.1)
    ddplugin (1.0.3)
    diff-lcs (1.5.0)
    em-websocket (0.5.3)
      eventmachine (>= 0.12.9)
      http_parser.rb (~> 0)
    eventmachine (1.2.7)
    ffi (1.15.5)
    hamster (3.0.0)
      concurrent-ruby (~> 1.0)
    http_parser.rb (0.8.0)
    json_schema (0.21.0)
    kramdown (2.4.0)
      rexml
    listen (3.7.1)
      rb-fsevent (~> 0.10, >= 0.10.3)
      rb-inotify (~> 0.9, >= 0.9.10)
    memo_wise (1.7.0)
    nanoc (4.12.7)
      addressable (~> 2.5)
      colored (~> 1.2)
      nanoc-checking (~> 1.0, >= 1.0.2)
      nanoc-cli (= 4.12.7)
      nanoc-core (= 4.12.7)
      nanoc-deploying (~> 1.0)
      parallel (~> 1.12)
      tty-command (~> 0.8)
      tty-which (~> 0.4)
    nanoc-checking (1.0.2)
      nanoc-cli (~> 4.12, >= 4.12.4)
      nanoc-core (~> 4.12, >= 4.12.4)
    nanoc-cli (4.12.7)
      cri (~> 2.15)
      diff-lcs (~> 1.3)
      nanoc-core (= 4.12.7)
      zeitwerk (~> 2.1)
    nanoc-core (4.12.7)
      concurrent-ruby (~> 1.1)
      ddmetrics (~> 1.0)
      ddplugin (~> 1.0)
      hamster (~> 3.0)
      json_schema (~> 0.19)
      memo_wise (~> 1.5)
      psych (~> 4.0)
      slow_enumerator_tools (~> 1.0)
      tty-platform (~> 0.2)
      zeitwerk (~> 2.1)
    nanoc-deploying (1.0.2)
      nanoc-checking (~> 1.0)
      nanoc-cli (~> 4.11, >= 4.11.15)
      nanoc-core (~> 4.11, >= 4.11.15)
    parallel (1.22.1)
    pastel (0.8.0)
      tty-color (~> 0.5)
    psych (4.0.5)
      stringio
    public_suffix (5.0.0)
    rack (2.2.4)
    rack-livereload (0.3.17)
      rack
    rb-fsevent (0.11.2)
    rb-inotify (0.10.1)
      ffi (~> 1.0)
    rexml (3.2.5)
    slow_enumerator_tools (1.1.0)
    stringio (3.0.2)
    tty-color (0.6.0)
    tty-command (0.10.1)
      pastel (~> 0.8)
    tty-platform (0.3.0)
    tty-which (0.5.0)
    webrick (1.7.0)
    zeitwerk (2.6.0)

PLATFORMS
  arm64-darwin-21

DEPENDENCIES
  adsf (~> 1.4)
  adsf-live (~> 1.4)
  kramdown
  nanoc (~> 4.12)
  rack (= 2.2.4)
  webrick (~> 1.7)

RUBY VERSION
   ruby 3.1.2p20

BUNDLED WITH
   2.3.22
